GEM
  remote: https://rubygems.org/
  specs:
    backports (3.15.0)
    foreman (0.85.0)
      thor (~> 0.19.1)
    multi_json (1.13.1)
    mustermann (1.0.3)
    rack (2.0.7)
    rack-protection (2.0.5)
      rack
    sinatra (2.0.5)
      mustermann (~> 1.0)
      rack (~> 2.0)
      rack-protection (= 2.0.5)
      tilt (~> 2.0)
    sinatra-contrib (2.0.5)
      backports (>= 2.8.2)
      multi_json
      mustermann (~> 1.0)
      rack-protection (= 2.0.5)
      sinatra (= 2.0.5)
      tilt (>= 1.3, < 3)
    thor (0.19.4)
    tilt (2.0.9)
    yard (0.9.19)

PLATFORMS
  ruby

DEPENDENCIES
  foreman
  sinatra (~> 2.0)
  sinatra-contrib
  yard

BUNDLED WITH
   1.17.2
